GEM
  remote: https://rubygems.org/
  specs:
    bundle (0.0.1)
      bundler
    csv (3.1.7)
    sqlite3 (1.3.13)

PLATFORMS
  ruby

DEPENDENCIES
  bundle
  csv
  sqlite3 (~> 1.3.6)

BUNDLED WITH
   2.1.4
